GIT
  remote: git@github.com:toch/slippery.git
  revision: b30e4a019301c0b9e40b8caa8b5ac20ef565156f
  branch: feature/local-asset
  specs:
    slippery (0.0.2)
      hexp (~> 0.0)
      kramdown (~> 1.1)

GEM
  remote: https://rubygems.org/
  specs:
    equalizer (0.0.9)
    hexp (0.3.1)
      equalizer (~> 0.0)
      ice_nine (~> 0.9)
      nokogiri (~> 1.6)
      sass (~> 3.2)
    ice_nine (0.11.0)
    kramdown (1.3.1)
    mini_portile (0.5.2)
    nokogiri (1.6.1)
      mini_portile (~> 0.5.0)
    rake (10.1.1)
    sass (3.2.14)

PLATFORMS
  ruby

DEPENDENCIES
  rake
  slippery!
